GEM
  remote: https://rubygems.org/
  specs:
    builder (3.2.2)
    envyable (0.1.0)
    jwt (1.3.0)
    mini_portile (0.6.2)
    minitest (5.5.1)
    multi_json (1.10.1)
    nokogiri (1.6.6.2)
      mini_portile (~> 0.6.0)
    rake (10.4.2)
    redis (3.2.1)
    twilio-ruby (3.15.1)
      builder (>= 2.1.2)
      jwt (~> 1.0)
      multi_json (>= 1.3.0)

PLATFORMS
  ruby

DEPENDENCIES
  envyable
  minitest
  nokogiri
  rake
  redis
  twilio-ruby
